GEM
  remote: https://rubygems.org/
  specs:
    cuba (3.1.0)
      rack
    cuba-contrib (3.1.0)
      cuba (~> 3.1)
    cutest (1.2.1)
    mime-types (2.0)
    mote (1.1.2)
    nest (1.1.2)
      redis
    ohm (1.3.2)
      nest (~> 1.0)
      redis
      scrivener (~> 0.0.3)
    ohm-contrib (1.2)
      ohm (~> 1.2)
    puma (2.15.3)
    rack (1.5.2)
    rack-protection (1.5.1)
      rack
    rack-test (0.6.2)
      rack (>= 1.0)
    redis (3.0.6)
    rest-client (1.6.7)
      mime-types (>= 1.16)
    scrivener (0.0.3)

PLATFORMS
  ruby

DEPENDENCIES
  cuba
  cuba-contrib
  cutest
  mote
  ohm
  ohm-contrib
  puma (~> 2.15.3)
  rack-protection
  rack-test
  rest-client

BUNDLED WITH
   1.11.2
