GEM
  remote: https://rubygems.org/
  specs:
    coderay (1.1.0)
    cuba (3.5.0)
      rack (~> 1.6.0)
    cuba-contrib (3.1.0)
      cuba (~> 3.1)
    cutest (1.2.1)
    hiredis (0.6.1)
    method_source (0.8.2)
    mime-types (2.0)
    mote (1.1.2)
    msgpack (0.5.12)
    nido (1.0.0)
    ohm (2.3.0)
      msgpack (~> 0.5.0)
      nido
      redic (~> 1.5.0)
      stal
    ohm-contrib (2.2.0)
      ohm (~> 2.2)
    pry (0.10.3)
      coderay (~> 1.1.0)
      method_source (~> 0.8.1)
      slop (~> 3.4)
    puma (2.15.3)
    rack (1.6.4)
    rack-protection (1.5.1)
      rack
    rack-test (0.6.2)
      rack (>= 1.0)
    redic (1.5.0)
      hiredis
    rest-client (1.6.7)
      mime-types (>= 1.16)
    slop (3.6.0)
    stal (0.1.0)
      redic

PLATFORMS
  ruby

DEPENDENCIES
  cuba
  cuba-contrib
  cutest
  mote
  ohm (~> 2.3.0)
  ohm-contrib (~> 2.2.0)
  pry
  puma (~> 2.15.3)
  rack-protection
  rack-test
  rest-client

BUNDLED WITH
   1.11.2
